Brain Vision Data Exchange Header File Version 1.0
; Data created by the Vision Recorder

[Common Infos]
Codepage=UTF-8
DataFile=101_AgrLexAux_s1.eeg
MarkerFile=101_AgrLexAux_s1.vmrk
DataFormat=BINARY
; Data orientation: MULTIPLEXED=ch1,pt1, ch2,pt1 ...
DataOrientation=MULTIPLEXED
NumberOfChannels=32
; Sampling interval in microseconds
SamplingInterval=1000

[Binary Infos]
BinaryFormat=INT_16

[Channel Infos]
; Each entry: Ch<Channel number>=<Name>,<Reference channel name>,
; <Resolution in "Unit">,<Unit>, Future extensions..
; Fields are delimited by commas, some fields might be omitted (empty).
; Commas in channel names are coded as "\1".
Ch1=FP1,,0.1,µV
Ch2=FP2,,0.1,µV
Ch3=F7,,0.1,µV
Ch4=F3,,0.1,µV
Ch5=Fz,,0.1,µV
Ch6=F4,,0.1,µV
Ch7=F8,,0.1,µV
Ch8=FC5,,0.1,µV
Ch9=FC1,,0.1,µV
Ch10=FC2,,0.1,µV
Ch11=FC6,,0.1,µV
Ch12=T7,,0.1,µV
Ch13=C3,,0.1,µV
Ch14=Cz,,0.1,µV
Ch15=C4,,0.1,µV
Ch16=T8,,0.1,µV
Ch17=CP5,,0.1,µV
Ch18=CP1,,0.1,µV
Ch19=CP2,,0.1,µV
Ch20=CP6,,0.1,µV
Ch21=P7,,0.1,µV
Ch22=P3,,0.1,µV
Ch23=Pz,,0.1,µV
Ch24=P4,,0.1,µV
Ch25=P8,,0.1,µV
Ch26=O1,,0.1,µV
Ch27=Oz,,0.1,µV
Ch28=O2,,0.1,µV
Ch29=LO1,,0.1,µV
Ch30=LO2,,0.1,µV
Ch31=IO1,,0.1,µV
Ch32=M2,,0.1,µV

[Comment]

BrainVision Recorder Professional   -   V. 1.20.0506


A m p l i f i e r  S e t u p
============================
Number of channels: 32
Sampling Rate [Hz]: 1000
Sampling Interval [µS]: 1000

Channels
--------
#     Name      Phys. Chn.    Resolution / Unit   Low Cutoff [s]   High Cutoff [Hz]   Notch [Hz]    Series Res. [kOhm] Gradient         Offset
1     FP1         1                0.1 µV             10              250              Off                0                 
2     FP2         2                0.1 µV             10              250              Off                0                 
3     F7          3                0.1 µV             10              250              Off                0                 
4     F3          4                0.1 µV             10              250              Off                0                 
5     Fz          5                0.1 µV             10              250              Off                0                 
6     F4          6                0.1 µV             10              250              Off                0                 
7     F8          7                0.1 µV             10              250              Off                0                 
8     FC5         8                0.1 µV             10              250              Off                0                 
9     FC1         9                0.1 µV             10              250              Off                0                 
10    FC2         10               0.1 µV             10              250              Off                0                 
11    FC6         11               0.1 µV             10              250              Off                0                 
12    T7          12               0.1 µV             10              250              Off                0                 
13    C3          13               0.1 µV             10              250              Off                0                 
14    Cz          14               0.1 µV             10              250              Off                0                 
15    C4          15               0.1 µV             10              250              Off                0                 
16    T8          16               0.1 µV             10              250              Off                0                 
17    CP5         17               0.1 µV             10              250              Off                0                 
18    CP1         18               0.1 µV             10              250              Off                0                 
19    CP2         19               0.1 µV             10              250              Off                0                 
20    CP6         20               0.1 µV             10              250              Off                0                 
21    P7          21               0.1 µV             10              250              Off                0                 
22    P3          22               0.1 µV             10              250              Off                0                 
23    Pz          23               0.1 µV             10              250              Off                0                 
24    P4          24               0.1 µV             10              250              Off                0                 
25    P8          25               0.1 µV             10              250              Off                0                 
26    O1          26               0.1 µV             10              250              Off                0                 
27    Oz          27               0.1 µV             10              250              Off                0                 
28    O2          28               0.1 µV             10              250              Off                0                 
29    LO1         29               0.1 µV             10              250              Off                0                 
30    LO2         30               0.1 µV             10              250              Off                0                 
31    IO1         31               0.1 µV             10              250              Off                0                 
32    M2          32               0.1 µV             10              250              Off                0                 

S o f t w a r e  F i l t e r s
==============================
Disabled


Data Electrodes Selected Impedance Measurement Range: 0 - 10 kOhm
Ground Electrode Selected Impedance Measurement Range: 0 - 10 kOhm
Reference Electrode Selected Impedance Measurement Range: 0 - 10 kOhm
Impedance [kOhm] at 13:17:20 :
FP1:          2
FP2:          1
F7:           3
F3:           2
Fz:           0
F4:           1
F8:           2
FC5:          1
FC1:          2
FC2:          0
FC6:          2
T7:           1
C3:           2
Cz:           1
C4:           3
T8:           2
CP5:          2
CP1:          2
CP2:          1
CP6:          2
P7:           3
P3:           3
Pz:           1
P4:           1
P8:           2
O1:           3
Oz:           2
O2:           1
LO1:          0
LO2:          4
IO1:          6
M2:           0
Ref:          1
Gnd:          1
